GEM
  remote: http://rubygems.org/
  specs:
    addressable (2.3.2)
    bourbon (2.1.1)
      sass (>= 3.1)
    bson (1.6.4)
    bson_ext (1.6.4)
      bson (~> 1.6.4)
    daemons (1.1.9)
    eventmachine (0.12.10)
    excon (0.15.5)
    haml (3.1.6)
    heroku (2.30.2)
      heroku-api (~> 0.3.2)
      launchy (>= 0.3.2)
      netrc (~> 0.7.5)
      rest-client (~> 1.6.1)
      rubyzip
    heroku-api (0.3.2)
      excon (~> 0.15.5)
    hike (1.2.1)
    launchy (2.1.2)
      addressable (~> 2.3)
    mime-types (1.19)
    mongo (1.6.4)
      bson (~> 1.6.4)
    netrc (0.7.5)
    rack (1.4.1)
    rack-protection (1.2.0)
      rack
    rest-client (1.6.7)
      mime-types (>= 1.16)
    rubyzip (0.9.9)
    sass (3.1.20)
    sinatra (1.3.2)
      rack (~> 1.3, >= 1.3.6)
      rack-protection (~> 1.2)
      tilt (~> 1.3, >= 1.3.3)
    sprockets (2.1.3)
      hike (~> 1.2)
      rack (~> 1.0)
      tilt (~> 1.1, != 1.3.0)
    thin (1.4.1)
      daemons (>= 1.0.9)
      eventmachine (>= 0.12.6)
      rack (>= 1.0.0)
    tilt (1.3.3)

PLATFORMS
  ruby

DEPENDENCIES
  bourbon
  bson_ext
  haml
  heroku
  mongo
  sinatra
  sprockets
  thin
